GEM
  remote: https://rubygems.org/
  specs:
    childprocess (4.0.0)
    diff-lcs (1.4.4)
    ffi (1.15.1-x64-mingw32)
    rexml (3.2.5)
    rspec (3.10.0)
      rspec-core (~> 3.10.0)
      rspec-expectations (~> 3.10.0)
      rspec-mocks (~> 3.10.0)
    rspec-core (3.10.1)
      rspec-support (~> 3.10.0)
    rspec-expectations (3.10.1)
      diff-lcs (>= 1.2.0, < 2.0)
      rspec-support (~> 3.10.0)
    rspec-mocks (3.10.2)
      diff-lcs (>= 1.2.0, < 2.0)
      rspec-support (~> 3.10.0)
    rspec-support (3.10.2)
    rubyzip (2.3.0)
    selenium-devtools (0.91.0)
    selenium-webdriver (4.0.0.beta3)
      childprocess (>= 0.5, < 5.0)
      rexml (~> 3.2)
      rubyzip (>= 1.2.2)
      websocket (~> 1.0)
    websocket (1.2.9)

PLATFORMS
  x64-mingw32

DEPENDENCIES
  ffi
  rspec
  selenium-devtools
  selenium-webdriver (= 4.0.0.beta3)

BUNDLED WITH
   2.2.19
